PATH
  remote: example
  specs:
    example (0.1.0)

GEM
  remote: https://rubygems.org/
  specs:

PLATFORMS
  ruby

DEPENDENCIES
  example!

BUNDLED WITH
   2.1.4
