GEM
  remote: https://rubygems.org/
  remote: http://localhost:8808/
  specs:
    example (0.1.0)

PLATFORMS
  ruby

DEPENDENCIES
  example!

BUNDLED WITH
   2.1.4
